PATH
  remote: .
  specs:
    adapter_extensions (1.0.0)
      activerecord (>= 3.0.0)
      activesupport (>= 3.0.0)
      rake (>= 0.8.3)

GEM
  remote: http://rubygems.org/
  specs:
    activemodel (6.1.3.2)
      activesupport (= 6.1.3.2)
    activerecord (6.1.3.2)
      activemodel (= 6.1.3.2)
      activesupport (= 6.1.3.2)
    activesupport (6.1.3.2)
      concurrent-ruby (~> 1.0, >= 1.0.2)
      i18n (>= 1.6, < 2)
      minitest (>= 5.1)
      tzinfo (~> 2.0)
      zeitwerk (~> 2.3)
    cartesian (0.6.7)
    concurrent-ruby (1.1.8)
    flexmock (0.9.0)
    i18n (1.8.10)
      concurrent-ruby (~> 1.0)
    minitest (5.14.4)
    rake (13.0.3)
    tzinfo (2.0.4)
      concurrent-ruby (~> 1.0)
    zeitwerk (2.4.2)

PLATFORMS
  x86_64-darwin-19

DEPENDENCIES
  adapter_extensions!
  cartesian
  flexmock

BUNDLED WITH
   2.2.14
